PATH
  remote: .
  specs:
    chef_ec2_node_rm (0.1.0)
      aws-sdk-sqs (~> 1.3)

GEM
  remote: https://rubygems.org/
  specs:
    ast (2.4.0)
    aws-partitions (1.63.0)
    aws-sdk-core (3.15.0)
      aws-partitions (~> 1.0)
      aws-sigv4 (~> 1.0)
      jmespath (~> 1.0)
    aws-sdk-sqs (1.3.0)
      aws-sdk-core (~> 3)
      aws-sigv4 (~> 1.0)
    aws-sigv4 (1.0.2)
    jmespath (1.3.1)
    minitest (5.11.3)
    minitest-autotest (1.0.3)
      minitest-server (~> 1.0)
    minitest-server (1.0.5)
      minitest (~> 5.0)
    parallel (1.12.1)
    parser (2.5.0.0)
      ast (~> 2.4.0)
    powerpack (0.1.1)
    rainbow (3.0.0)
    rake (10.5.0)
    rubocop (0.52.1)
      parallel (~> 1.10)
      parser (>= 2.4.0.2, < 3.0)
      powerpack (~> 0.1)
      rainbow (>= 2.2.2, < 4.0)
      ruby-progressbar (~> 1.7)
      unicode-display_width (~> 1.0, >= 1.0.1)
    ruby-progressbar (1.9.0)
    unicode-display_width (1.3.0)
    yard (0.9.12)

PLATFORMS
  ruby

DEPENDENCIES
  bundler (~> 1.16)
  chef_ec2_node_rm!
  minitest (~> 5.0)
  minitest-autotest (~> 1.0)
  rake (~> 10.0)
  rubocop (~> 0.45)
  yard (~> 0.9)

BUNDLED WITH
   1.16.1
